GEM
  remote: http://rubygems.org/
  specs:
    SystemTimer (1.2)
    activemodel (3.0.0)
      activesupport (= 3.0.0)
      builder (~> 2.1.2)
      i18n (~> 0.4.1)
    activesupport (3.0.0)
    algorithms (0.3.0)
    andand (1.3.1)
    bson (1.0.4)
    bson_ext (1.0.4)
    builder (2.1.2)
    columnize (0.3.1)
    eventmachine (0.12.10)
    haml (3.0.18)
    i18n (0.4.1)
    json (1.4.6)
    less (1.2.21)
      mutter (>= 0.4.2)
      treetop (>= 1.4.2)
    linecache (0.43)
    mongo (1.0.7)
      bson (>= 1.0.4)
    mongoid (2.0.0.beta.17)
      activemodel (~> 3.0.0)
      bson (= 1.0.4)
      mongo (= 1.0.7)
      tzinfo (~> 0.3.22)
      will_paginate (~> 3.0.pre)
    mutter (0.5.3)
    polyglot (0.3.1)
    redis (2.0.9)
    ruby-debug (0.10.3)
      columnize (>= 0.1)
      ruby-debug-base (~> 0.10.3.0)
    ruby-debug-base (0.10.3)
      linecache (>= 0.3)
    ruby-prof (0.9.2)
    shoulda (2.11.3)
    treetop (1.4.8)
      polyglot (>= 0.3.1)
    tzinfo (0.3.23)
    uuidtools (2.1.1)
    will_paginate (3.0.pre2)
    wirble (0.1.3)

PLATFORMS
  ruby

DEPENDENCIES
  SystemTimer
  algorithms
  andand
  bson (= 1.0.4)
  bson_ext (= 1.0.4)
  eventmachine
  haml
  json
  less
  mongo
  mongoid (= 2.0.0.beta.17)
  redis
  ruby-debug
  ruby-prof
  shoulda
  uuidtools
  wirble
