GEM
  remote: http://rubygems.org/
  specs:
    SystemTimer (1.2)
    algorithms (0.3.0)
    andand (1.3.1)
    backports (1.18.1)
    columnize (0.3.1)
    emk-sinatra-url-for (0.2.1)
      sinatra (>= 0.9.1.1)
    eventmachine (0.12.10)
    haml (3.0.17)
    json (1.4.6)
    less (1.2.21)
      mutter (>= 0.4.2)
      treetop (>= 1.4.2)
    linecache (0.43)
    monkey-lib (0.5.2)
      backports
    mutter (0.5.3)
    polyglot (0.3.1)
    rack (1.2.1)
    redis (2.0.5)
    ruby-debug (0.10.3)
      columnize (>= 0.1)
      ruby-debug-base (~> 0.10.3.0)
    ruby-debug-base (0.10.3)
      linecache (>= 0.3)
    ruby-prof (0.9.2)
    shoulda (2.11.3)
    sinatra (1.0)
      rack (>= 1.0)
    sinatra-advanced-routes (0.5.1)
      monkey-lib (~> 0.5.0)
      sinatra (~> 1.0)
      sinatra-sugar (~> 0.5.0)
    sinatra-reloader (0.5.0)
      sinatra (~> 1.0)
      sinatra-advanced-routes (~> 0.5.0)
    sinatra-static-assets (0.5.0)
      emk-sinatra-url-for (>= 0.2.1)
      rack (>= 1.0.0)
      sinatra (>= 0.9.1)
    sinatra-sugar (0.5.0)
      monkey-lib (~> 0.5.0)
      sinatra (~> 1.0)
    treetop (1.4.8)
      polyglot (>= 0.3.1)
    wirble (0.1.3)

PLATFORMS
  ruby

DEPENDENCIES
  SystemTimer
  algorithms
  andand
  eventmachine
  haml
  json
  less
  redis
  ruby-debug
  ruby-prof
  shoulda
  sinatra
  sinatra-reloader
  sinatra-static-assets
  wirble
